GEM
  remote: https://rubygems.org/
  specs:
    netrc (0.7.7)
    rest_client (1.7.3)
      netrc (~> 0.7.7)
    ruby-graphviz (1.2.1)
    thor (0.19.1)

PLATFORMS
  ruby

DEPENDENCIES
  rest_client
  ruby-graphviz
  thor
